GEM
  remote: https://rubygems.org/
  specs:
    parslet (1.8.0)
    rack (2.0.4)

PLATFORMS
  ruby

DEPENDENCIES
  parslet (~> 1.8)
  rack

RUBY VERSION
   ruby 2.4.1p111

BUNDLED WITH
   1.16.1
